GEM
  remote: https://rubygems.org/
  specs:
    asciidoctor (2.0.10)

PLATFORMS
  ruby

DEPENDENCIES
  asciidoctor

BUNDLED WITH
   2.1.4
